GEM
  remote: https://rubygems.org/
  specs:
    CFPropertyList (2.2.8)
    facter (2.4.4)
      CFPropertyList (~> 2.2.6)
    rack (1.6.4)

PLATFORMS
  ruby

DEPENDENCIES
  facter
  rack

BUNDLED WITH
   1.10.6
